PATH
  remote: .
  specs:
    beta_code (1.0.0)

GEM
  remote: https://rubygems.org/
  specs:
    ast (2.4.2)
    gnar-style (0.13.0)
      rubocop (>= 1.0.0, < 2.0)
      rubocop-performance
      rubocop-rails (~> 2.2.0)
      thor
    parallel (1.22.1)
    parser (3.2.0.0)
      ast (~> 2.4.1)
    power_assert (2.0.0)
    rack (3.0.4.1)
    rainbow (3.1.1)
    regexp_parser (2.6.2)
    rexml (3.2.5)
    rubocop (1.28.2)
      parallel (~> 1.10)
      parser (>= 3.1.0.0)
      rainbow (>= 2.2.2, < 4.0)
      regexp_parser (>= 1.8, < 3.0)
      rexml
      rubocop-ast (>= 1.17.0, < 2.0)
      ruby-progressbar (~> 1.7)
      unicode-display_width (>= 1.4.0, < 3.0)
    rubocop-ast (1.17.0)
      parser (>= 3.1.1.0)
    rubocop-performance (1.13.3)
      rubocop (>= 1.7.0, < 2.0)
      rubocop-ast (>= 0.4.0)
    rubocop-rails (2.2.1)
      rack (>= 1.1)
      rubocop (>= 0.72.0)
    ruby-progressbar (1.11.0)
    test-unit (3.4.1)
      power_assert
    thor (1.2.1)
    unicode-display_width (2.4.2)

PLATFORMS
  ruby

DEPENDENCIES
  beta_code!
  gnar-style (~> 0.10)
  test-unit (~> 3.2)

BUNDLED WITH
   2.1.4
