PATH
  remote: .
  specs:
    beta_code (0.0.10)

GEM
  remote: https://rubygems.org/
  specs:
    power_assert (1.1.5)
    test-unit (3.3.5)
      power_assert

PLATFORMS
  ruby

DEPENDENCIES
  beta_code!
  test-unit (~> 3.2)

BUNDLED WITH
   2.0.2
